GEM
  remote: https://rubygems.org/
  specs:
    json (1.8.1)
    mime-types (1.25.1)
    rdoc (4.2.0)
      json (~> 1.4)
    rest-client (1.6.8)
      mime-types (~> 1.16)
      rdoc (>= 2.4.2)

PLATFORMS
  ruby

DEPENDENCIES
  json
  rest-client
