GEM
  remote: https://rubygems.org/
  specs:
    airbrake (7.4.0)
      airbrake-ruby (~> 2.12)
    airbrake-ruby (2.12.0)
    coderay (1.1.2)
    dotenv (2.5.0)
    httparty (0.21.0)
      mini_mime (>= 1.0.0)
      multi_xml (>= 0.5.2)
    json (2.1.0)
    method_source (0.9.1)
    mini_mime (1.1.2)
    multi_xml (0.6.0)
    pp (0.4.0)
      prettyprint
    prettyprint (0.1.1)
    pry (0.11.3)
      coderay (~> 1.1.0)
      method_source (~> 0.9.0)

PLATFORMS
  ruby

DEPENDENCIES
  airbrake
  dotenv
  httparty
  json
  pp
  pry

BUNDLED WITH
   1.17.1
